PATH
  remote: .
  specs:
    administrate-default_order (0.1.0)
      activesupport
      administrate (>= 0.11.0, < 1)

GEM
  remote: https://rubygems.org/
  specs:
    actionpack (6.1.7.9)
      actionview (= 6.1.7.9)
      activesupport (= 6.1.7.9)
      rack (~> 2.0, >= 2.0.9)
      rack-test (>= 0.6.3)
      rails-dom-testing (~> 2.0)
      rails-html-sanitizer (~> 1.0, >= 1.2.0)
    actionview (6.1.7.9)
      activesupport (= 6.1.7.9)
      builder (~> 3.1)
      erubi (~> 1.4)
      rails-dom-testing (~> 2.0)
      rails-html-sanitizer (~> 1.1, >= 1.2.0)
    activemodel (6.1.7.9)
      activesupport (= 6.1.7.9)
    activerecord (6.1.7.9)
      activemodel (= 6.1.7.9)
      activesupport (= 6.1.7.9)
    activesupport (6.1.7.9)
      concurrent-ruby (~> 1.0, >= 1.0.2)
      i18n (>= 1.6, < 2)
      minitest (>= 5.1)
      tzinfo (~> 2.0)
      zeitwerk (~> 2.3)
    administrate (0.20.1)
      actionpack (>= 6.0, < 8.0)
      actionview (>= 6.0, < 8.0)
      activerecord (>= 6.0, < 8.0)
      jquery-rails (~> 4.6.0)
      kaminari (~> 1.2.2)
      sassc-rails (~> 2.1)
      selectize-rails (~> 0.6)
    builder (3.3.0)
    concurrent-ruby (1.3.4)
    crass (1.0.6)
    erubi (1.13.0)
    ffi (1.17.0)
    i18n (1.14.6)
      concurrent-ruby (~> 1.0)
    jquery-rails (4.6.0)
      rails-dom-testing (>= 1, < 3)
      railties (>= 4.2.0)
      thor (>= 0.14, < 2.0)
    kaminari (1.2.2)
      activesupport (>= 4.1.0)
      kaminari-actionview (= 1.2.2)
      kaminari-activerecord (= 1.2.2)
      kaminari-core (= 1.2.2)
    kaminari-actionview (1.2.2)
      actionview
      kaminari-core (= 1.2.2)
    kaminari-activerecord (1.2.2)
      activerecord
      kaminari-core (= 1.2.2)
    kaminari-core (1.2.2)
    loofah (2.22.0)
      crass (~> 1.0.2)
      nokogiri (>= 1.12.0)
    method_source (1.1.0)
    mini_portile2 (2.8.7)
    minitest (5.25.1)
    nokogiri (1.16.7)
      mini_portile2 (~> 2.8.2)
      racc (~> 1.4)
    racc (1.8.1)
    rack (2.2.10)
    rack-test (2.1.0)
      rack (>= 1.3)
    rails-dom-testing (2.2.0)
      activesupport (>= 5.0.0)
      minitest
      nokogiri (>= 1.6)
    rails-html-sanitizer (1.6.0)
      loofah (~> 2.21)
      nokogiri (~> 1.14)
    railties (6.1.7.9)
      actionpack (= 6.1.7.9)
      activesupport (= 6.1.7.9)
      method_source
      rake (>= 12.2)
      thor (~> 1.0)
    rake (13.2.1)
    sassc (2.4.0)
      ffi (~> 1.9)
    sassc (2.4.0-x64-mingw32)
      ffi (~> 1.9)
    sassc-rails (2.1.2)
      railties (>= 4.0.0)
      sassc (>= 2.0)
      sprockets (> 3.0)
      sprockets-rails
      tilt
    selectize-rails (0.12.6)
    sprockets (4.2.1)
      concurrent-ruby (~> 1.0)
      rack (>= 2.2.4, < 4)
    sprockets-rails (3.5.2)
      actionpack (>= 6.1)
      activesupport (>= 6.1)
      sprockets (>= 3.0.0)
    thor (1.3.2)
    tilt (2.4.0)
    tzinfo (2.0.6)
      concurrent-ruby (~> 1.0)
    zeitwerk (2.7.0)

PLATFORMS
  ruby
  x64-mingw32

DEPENDENCIES
  administrate-default_order!
  bundler (~> 2.0)
  minitest (~> 5.0)
  rake (~> 13.0)

BUNDLED WITH
   2.0.1
